GEM
  remote: https://rubygems.org/
  specs:
    binding_of_caller (1.0.0)
      debug_inspector (>= 0.0.1)
    byebug (11.1.3)
    coderay (1.1.3)
    concurrent-ruby (1.2.2)
    daemons (1.4.1)
    debug_inspector (1.1.0)
    eventmachine (1.2.7)
    faker (3.2.0)
      i18n (>= 1.8.11, < 2)
    i18n (1.13.0)
      concurrent-ruby (~> 1.0)
    method_source (1.0.0)
    multi_json (1.15.0)
    mustermann (3.0.0)
      ruby2_keywords (~> 0.0.1)
    pry (0.14.2)
      coderay (~> 1.1)
      method_source (~> 1.0)
    pry-byebug (3.10.1)
      byebug (~> 11.0)
      pry (>= 0.13, < 0.15)
    rack (2.2.7)
    rack-protection (3.0.6)
      rack
    rack-test (2.1.0)
      rack (>= 1.3)
    ruby2_keywords (0.0.5)
    sinatra (3.0.6)
      mustermann (~> 3.0)
      rack (~> 2.2, >= 2.2.4)
      rack-protection (= 3.0.6)
      tilt (~> 2.0)
    sinatra-contrib (3.0.6)
      multi_json
      mustermann (~> 3.0)
      rack-protection (= 3.0.6)
      sinatra (= 3.0.6)
      tilt (~> 2.0)
    sqlite3 (1.6.3-arm64-darwin)
    thin (1.8.2)
      daemons (~> 1.0, >= 1.0.9)
      eventmachine (~> 1.0, >= 1.0.4)
      rack (>= 1, < 3)
    tilt (2.1.0)

PLATFORMS
  arm64-darwin-22

DEPENDENCIES
  binding_of_caller
  faker
  pry-byebug
  rack-test
  sinatra
  sinatra-contrib
  sqlite3
  thin

BUNDLED WITH
   2.2.3
